GEM
  remote: https://rubygems.org/
  specs:
    ffi (1.9.3)
    rb-kqueue (0.2.3)
      ffi (>= 0.5.0)

PLATFORMS
  ruby

DEPENDENCIES
  rb-kqueue
